GEM
  remote: https://rubygems.org/
  specs:
    color_echo (3.1.1)

PLATFORMS
  ruby

DEPENDENCIES
  color_echo (~> 3.1, >= 3.1.1)

BUNDLED WITH
   1.16.5
