GEM
  remote: https://rubygems.org/
  specs:
    pokemon (0.1.2)
      thor
    thor (1.0.1)

PLATFORMS
  ruby

DEPENDENCIES
  pokemon (>= 0.1.0)

BUNDLED WITH
   2.1.4
