GEM
  remote: https://rubygems.org/
  specs:
    ast (2.4.1)
    coderay (1.1.3)
    color_echo (3.1.1)
    method_source (1.0.0)
    parallel (1.19.2)
    parser (2.7.1.4)
      ast (~> 2.4.1)
    pry (0.13.1)
      coderay (~> 1.1)
      method_source (~> 1.0)
    rainbow (3.0.0)
    regexp_parser (1.7.1)
    rexml (3.2.4)
    rubocop (0.88.0)
      parallel (~> 1.10)
      parser (>= 2.7.1.1)
      rainbow (>= 2.2.2, < 4.0)
      regexp_parser (>= 1.7)
      rexml
      rubocop-ast (>= 0.1.0, < 1.0)
      ruby-progressbar (~> 1.7)
      unicode-display_width (>= 1.4.0, < 2.0)
    rubocop-ast (0.2.0)
      parser (>= 2.7.0.1)
    ruby-progressbar (1.10.1)
    unicode-display_width (1.7.0)

PLATFORMS
  ruby

DEPENDENCIES
  color_echo (~> 3.1, >= 3.1.1)
  pry (~> 0.13.1)
  rubocop (~> 0.88.0)

BUNDLED WITH
   1.16.5
